GEM
  remote: https://rubygems.org/
  specs:
    benchmark-ips (2.2.0)
    coderay (1.1.0)
    method_source (0.8.2)
    pry (0.9.12.6)
      coderay (~> 1.0)
      method_source (~> 0.8)
      slop (~> 3.4)
    rack (1.6.0)
    redis (3.2.1)
    slop (3.6.0)

PLATFORMS
  ruby

DEPENDENCIES
  benchmark-ips
  pry
  rack
  redis
